GEM
  remote: https://rubygems.org/
  specs:
    haml (4.0.4)
      tilt
    hashie (2.0.5)
    linkedin (0.4.6)
      hashie (>= 1.2, < 2.1)
      multi_json (~> 1.0)
      oauth (~> 0.4)
    multi_json (1.8.2)
    oauth (0.4.7)
    rack (1.5.2)
    rack-protection (1.5.1)
      rack
    shotgun (0.9)
      rack (>= 1.0)
    sinatra (1.4.4)
      rack (~> 1.4)
      rack-protection (~> 1.4)
      tilt (~> 1.3, >= 1.3.4)
    tilt (1.4.1)

PLATFORMS
  ruby

DEPENDENCIES
  bundler
  haml
  linkedin
  shotgun
  sinatra
